PATH
  remote: .
  specs:
    h3 (3.2.0)
      ffi (~> 1.9)
      rgeo-geojson (~> 2.1)

GEM
  remote: https://rubygems.org/
  specs:
    diff-lcs (1.3)
    ffi (1.9.25)
    rake (12.3.2)
    rgeo (2.0.0)
    rgeo-geojson (2.1.1)
      rgeo (>= 1.0.0)
    rspec (3.8.0)
      rspec-core (~> 3.8.0)
      rspec-expectations (~> 3.8.0)
      rspec-mocks (~> 3.8.0)
    rspec-core (3.8.0)
      rspec-support (~> 3.8.0)
    rspec-expectations (3.8.2)
      diff-lcs (>= 1.2.0, < 2.0)
      rspec-support (~> 3.8.0)
    rspec-mocks (3.8.0)
      diff-lcs (>= 1.2.0, < 2.0)
      rspec-support (~> 3.8.0)
    rspec-support (3.8.0)
    yard (0.9.16)

PLATFORMS
  ruby

DEPENDENCIES
  h3!
  rake (~> 12.3)
  rspec (~> 3.8)
  yard (~> 0.9)

BUNDLED WITH
   1.17.2
