PATH
  remote: .
  specs:
    h3 (3.7.2)
      ffi (~> 1.9)
      rgeo-geojson (~> 2.1)
      zeitwerk (~> 2.5)

GEM
  remote: https://rubygems.org/
  specs:
    diff-lcs (1.5.0)
    ffi (1.15.5)
    rake (13.0.6)
    rgeo (2.3.0)
    rgeo-geojson (2.1.1)
      rgeo (>= 1.0.0)
    rspec (3.11.0)
      rspec-core (~> 3.11.0)
      rspec-expectations (~> 3.11.0)
      rspec-mocks (~> 3.11.0)
    rspec-core (3.11.0)
      rspec-support (~> 3.11.0)
    rspec-expectations (3.11.0)
      diff-lcs (>= 1.2.0, < 2.0)
      rspec-support (~> 3.11.0)
    rspec-mocks (3.11.1)
      diff-lcs (>= 1.2.0, < 2.0)
      rspec-support (~> 3.11.0)
    rspec-support (3.11.0)
    yard (0.9.26)
    zeitwerk (2.5.1)

PLATFORMS
  ruby

DEPENDENCIES
  h3!
  rake (~> 13.0)
  rspec (~> 3.8)
  yard (~> 0.9)

BUNDLED WITH
   2.2.22
