PATH
  remote: .
  specs:
    h3 (3.7.4)
      ffi (~> 1.9)
      rgeo-geojson (~> 2.1)
      zeitwerk (~> 2.5)

GEM
  remote: https://rubygems.org/
  specs:
    diff-lcs (1.6.2)
    ffi (1.17.2)
    multi_json (1.15.0)
    rake (13.2.1)
    rgeo (3.0.0)
    rgeo-geojson (2.2.0)
      multi_json (~> 1.15)
      rgeo (>= 1.0.0)
    rspec (3.13.1)
      rspec-core (~> 3.13.0)
      rspec-expectations (~> 3.13.0)
      rspec-mocks (~> 3.13.0)
    rspec-core (3.13.4)
      rspec-support (~> 3.13.0)
    rspec-expectations (3.13.5)
      diff-lcs (>= 1.2.0, < 2.0)
      rspec-support (~> 3.13.0)
    rspec-mocks (3.13.5)
      diff-lcs (>= 1.2.0, < 2.0)
      rspec-support (~> 3.13.0)
    rspec-support (3.13.4)
    yard (0.9.37)
    zeitwerk (2.6.18)

PLATFORMS
  ruby

DEPENDENCIES
  h3!
  rake (~> 13.0)
  rspec (~> 3.8)
  yard (~> 0.9)

BUNDLED WITH
   2.2.22
